PATH
  remote: .
  specs:
    borg (0.0.1)
      capistrano
      capistrano-multiconfig
      capistrano_colors
      colored
      term-ansicolor

GEM
  remote: https://rubygems.org/
  specs:
    capistrano (2.14.2)
      highline
      net-scp (>= 1.0.0)
      net-sftp (>= 2.0.0)
      net-ssh (>= 2.0.14)
      net-ssh-gateway (>= 1.1.0)
    capistrano-multiconfig (0.0.4)
      capistrano (>= 2.5.5)
    capistrano_colors (0.5.5)
    colored (1.2)
    highline (1.6.15)
    net-scp (1.1.0)
      net-ssh (>= 2.6.5)
    net-sftp (2.1.1)
      net-ssh (>= 2.6.5)
    net-ssh (2.6.5)
    net-ssh-gateway (1.2.0)
      net-ssh (>= 2.6.5)
    term-ansicolor (1.0.7)

PLATFORMS
  ruby

DEPENDENCIES
  borg!
